GIT
  remote: https://github.com/opal/opal-sprockets.git
  revision: acc7fff8dd42b46a8ae742136bd453d848cd509b
  specs:
    opal-sprockets (0.4.0.0.11.dev.3.1.beta1)
      opal (~> 0.11.dev)
      sprockets (~> 3.1)
      tilt (>= 1.4)

GIT
  remote: https://github.com/opal/opal.git
  revision: cbd3533c741009a900a6b1ea490832f4048b9c22
  specs:
    opal (0.11.0.dev)
      ast (>= 2.3.0)
      hike (~> 1.2)
      parser (= 2.3.1.2)
      sourcemap (~> 0.1.0)

GEM
  remote: https://rubygems.org/
  specs:
    ast (2.3.0)
    concurrent-ruby (1.0.4)
    hike (1.2.3)
    opal-rspec (0.6.0)
      opal (>= 0.10.0, < 0.11)
    parser (2.3.1.2)
      ast (~> 2.2)
    rack (2.0.1)
    rake (12.0.0)
    sourcemap (0.1.1)
    sprockets (3.7.1)
      concurrent-ruby (~> 1.0)
      rack (> 1, < 3)
    tilt (2.0.5)

PLATFORMS
  ruby

DEPENDENCIES
  opal!
  opal-rspec
  opal-sprockets!
  rack
  rake
  sprockets

BUNDLED WITH
   1.13.6
